GEM
  remote: https://rubygems.org/
  specs:
    builder (2.1.2)
    ruby-ip (0.9.3)

PLATFORMS
  ruby

DEPENDENCIES
  builder (~> 2.0)
  ruby-ip

BUNDLED WITH
   1.13.6
